GIT
  remote: https://github.com/martinrehfeld/showoff.git
  revision: 06433fc57369289d16833f13fc7a65948120ccd3
  branch: presenter-view
  specs:
    showoff (0.4.2)
      bluecloth
      gli (>= 1.2.5)
      json
      nokogiri
      sinatra

GEM
  remote: http://rubygems.org/
  specs:
    bluecloth (2.1.0)
    gli (1.3.0)
    json (1.5.1)
    nokogiri (1.4.4)
    pdfkit (0.5.0)
    rack (1.3.0)
    sinatra (1.2.6)
      rack (~> 1.1)
      tilt (< 2.0, >= 1.2.2)
    tilt (1.3.2)

PLATFORMS
  ruby

DEPENDENCIES
  pdfkit
  showoff!
